GEM
  remote: https://rubygems.org/
  specs:
    rake (13.0.6)
    require_all (3.0.0)

PLATFORMS
  x86_64-darwin-18

DEPENDENCIES
  rake (~> 13.0, >= 13.0.6)
  require_all (~> 3.0)

BUNDLED WITH
   2.2.5
